PATH
  remote: .
  specs:
    enhancerepo (0.4.3)
      activesupport (>= 2.3)
      log4r (>= 1.0.5)
      nokogiri (>= 1.4)
      trollop (>= 1.0.5)

GEM
  remote: http://rubygems.org/
  specs:
    activesupport (2.3.8)
    log4r (1.1.8)
    mocha (0.9.8)
      rake
    nokogiri (1.4.3.1)
    rake (0.8.7)
    shoulda (2.10.3)
    trollop (1.16.2)
    yard (0.5.8)

PLATFORMS
  ruby

DEPENDENCIES
  activesupport (>= 2.3)
  bundler (>= 1.0.rc.2)
  enhancerepo!
  log4r (>= 1.0.5)
  mocha (>= 0.9)
  nokogiri (>= 1.4)
  shoulda
  trollop (>= 1.0.5)
  yard (>= 0.5)
